{
  "TaskName": "soundscape",
  "EEGReference": "sequential CMS/DRL (EMOTIV EPOC X)",
  "SamplingFrequency": 128,
  "PowerLineFrequency": 60,
  "SoftwareFilters": "n/a",
  "HardwareFilters": {
    "BandPass": {
      "Description": "EMOTIV EPOC X built-in ~0.16-43 Hz"
    }
  },
  "Manufacturer": "EMOTIV",
  "ManufacturersModelName": "EPOC X",
  "EEGChannelCount": 14,
  "EOGChannelCount": 0,
  "ECGChannelCount": 0,
  "EMGChannelCount": 0,
  "MiscChannelCount": 0,
  "RecordingType": "continuous",
  "TaskDescription": "Resting calibration (eyes-open, eyes-closed) and brief (~17 s) isolated exposure to two soundscapes (jungle, deconstruct); segments concatenated, see events.tsv; ~3 s margins."
}